PATH
  remote: .
  specs:
    binp (4.0.1)
      formatador
      listen

GEM
  remote: https://rubygems.org/
  specs:
    docile (1.4.0)
    ffi (1.15.5)
    formatador (1.1.0)
    listen (3.8.0)
      rb-fsevent (~> 0.10, >= 0.10.3)
      rb-inotify (~> 0.9, >= 0.9.10)
    power_assert (2.0.3)
    rake (12.3.3)
    rb-fsevent (0.11.2)
    rb-inotify (0.10.1)
      ffi (~> 1.0)
    simplecov (0.22.0)
      docile (~> 1.1)
      simplecov-html (~> 0.11)
      simplecov_json_formatter (~> 0.1)
    simplecov-html (0.12.3)
    simplecov_json_formatter (0.1.4)
    test-unit (3.6.1)
      power_assert

PLATFORMS
  ruby

DEPENDENCIES
  binp!
  rake (~> 12.0)
  simplecov
  test-unit

BUNDLED WITH
   2.1.4
