PATH
  remote: .
  specs:
    binp (2.0.0)
      formatador

GEM
  remote: https://rubygems.org/
  specs:
    docile (1.3.2)
    formatador (0.2.5)
    power_assert (1.2.0)
    rake (12.3.3)
    simplecov (0.18.5)
      docile (~> 1.1)
      simplecov-html (~> 0.11)
    simplecov-html (0.12.2)
    test-unit (3.3.6)
      power_assert

PLATFORMS
  ruby

DEPENDENCIES
  binp!
  rake (~> 12.0)
  simplecov
  test-unit

BUNDLED WITH
   2.1.4
